PATH
  remote: .
  specs:
    snip (0.0.1)
      gli (~> 1.4)

GEM
  remote: http://rubygems.org/
  specs:
    ansi (1.4.2)
    fakefs (0.4.0)
    gli (1.5.1)
    json (1.6.5)
    minitest (2.11.3)
    minitest-reporters (0.5.1)
      ansi
      minitest (~> 2.0)
      ruby-progressbar
    rake (0.9.2.2)
    rdoc (3.12)
      json (~> 1.4)
    ruby-progressbar (0.0.10)

PLATFORMS
  ruby

DEPENDENCIES
  fakefs
  minitest-reporters
  rake
  rdoc
  snip!
